GEM
  remote: https://rubygems.org/
  specs:
    faraday (1.4.1)
      faraday-excon (~> 1.1)
      faraday-net_http (~> 1.0)
      faraday-net_http_persistent (~> 1.1)
      multipart-post (>= 1.2, < 3)
      ruby2_keywords (>= 0.0.4)
    faraday-excon (1.1.0)
    faraday-net_http (1.0.1)
    faraday-net_http_persistent (1.1.0)
    faraday_middleware (1.0.0)
      faraday (~> 1.0)
    multipart-post (2.1.1)
    ruby2_keywords (0.0.4)

PLATFORMS
  x86_64-darwin-19

DEPENDENCIES
  faraday
  faraday_middleware

BUNDLED WITH
   2.2.15
